GIT
  remote: https://github.com/lsegal/yard.git
  revision: ca59056a5c706ed519d1065efbf893c4d191d7f7
  branch: main
  specs:
    yard (0.9.25)

GEM
  remote: https://rubygems.org/
  specs:
    RedCloth (4.3.2)
    activesupport (7.0.4.3)
      concurrent-ruby (~> 1.0, >= 1.0.2)
      i18n (>= 1.6, < 2)
      minitest (>= 5.1)
      tzinfo (~> 2.0)
    asciidoctor (2.0.10)
    benchmark-ips (2.12.0)
    bluecloth (2.2.0)
    concurrent-ruby (1.2.2)
    dead_end (4.0.0)
    derailed_benchmarks (2.1.2)
      benchmark-ips (~> 2)
      dead_end
      get_process_mem (~> 0)
      heapy (~> 0)
      memory_profiler (>= 0, < 2)
      mini_histogram (>= 0.3.0)
      rack (>= 1)
      rack-test
      rake (> 10, < 14)
      ruby-statistics (>= 2.1)
      thor (>= 0.19, < 2)
    diff-lcs (1.3)
    ffi (1.15.5)
    flamegraph (0.9.5)
    get_process_mem (0.2.7)
      ffi (~> 1.0)
    github-markup (3.0.4)
    heapy (0.2.0)
      thor
    i18n (1.12.0)
      concurrent-ruby (~> 1.0)
    json (2.3.0)
    kramdown (2.3.1)
      rexml
    maruku (0.7.3)
    memory_profiler (1.0.1)
    mini_histogram (0.3.1)
    minitest (5.18.0)
    mustermann (3.0.0)
      ruby2_keywords (~> 0.0.1)
    net-http-persistent (2.9.4)
    nio4r (2.5.7)
    pg (1.2.3)
    puma (5.3.1)
      nio4r (~> 2.0)
    rack (2.2.6.4)
    rack-mini-profiler (3.0.0)
      rack (>= 1.2.0)
    rack-protection (3.0.5)
      rack
    rack-test (2.1.0)
      rack (>= 1.3)
    rake (13.0.6)
    rdiscount (2.2.0.1)
    rdoc (6.2.1)
    redcarpet (3.5.1)
    rexml (3.2.5)
    rspec (3.9.0)
      rspec-core (~> 3.9.0)
      rspec-expectations (~> 3.9.0)
      rspec-mocks (~> 3.9.0)
    rspec-core (3.9.1)
      rspec-support (~> 3.9.1)
    rspec-expectations (3.9.0)
      diff-lcs (>= 1.2.0, < 2.0)
      rspec-support (~> 3.9.0)
    rspec-mocks (3.9.1)
      diff-lcs (>= 1.2.0, < 2.0)
      rspec-support (~> 3.9.0)
    rspec-support (3.9.2)
    ruby-statistics (3.0.1)
    ruby2_keywords (0.0.5)
    sequel (5.28.0)
    sinatra (3.0.5)
      mustermann (~> 3.0)
      rack (~> 2.2, >= 2.2.4)
      rack-protection (= 3.0.5)
      tilt (~> 2.0)
    skylight (5.3.4)
      activesupport (>= 5.2.0)
    sqlite3 (1.4.2)
    stackprof (0.2.15)
    syntax (1.2.2)
    thor (1.2.1)
    tilt (2.1.0)
    tzinfo (2.0.6)
      concurrent-ruby (~> 1.0)
    version_sorter (2.2.4)
    yard-kramdown (0.0.1)
    yard-rails (0.3.0)
      yard
    yard-sd (0.0.4)

PLATFORMS
  ruby

DEPENDENCIES
  RedCloth
  activesupport (>= 6.1.7.3)
  asciidoctor
  bluecloth
  derailed_benchmarks
  flamegraph
  github-markup
  json
  kramdown (>= 2.3.1)
  maruku
  memory_profiler
  net-http-persistent (~> 2.0)
  pg
  puma (>= 4.3.8)
  rack-mini-profiler
  rack-test
  rake
  rdiscount
  rdoc
  redcarpet (>= 3.5.1)
  rspec
  sequel
  sinatra (>= 2.0.8.1)
  skylight
  sqlite3
  stackprof
  syntax
  version_sorter
  yard!
  yard-kramdown
  yard-rails
  yard-sd

BUNDLED WITH
   2.1.4
